GEM
  remote: http://rubygems.org/
  specs:
    ZenTest (4.8.3)
    autotest (4.4.6)
      ZenTest (>= 4.4.1)
    autotest-fsevent (0.2.8)
      sys-uname
    diff-lcs (1.1.3)
    ffi (1.3.1)
    rake (10.0.3)
    rspec (2.12.0)
      rspec-core (~> 2.12.0)
      rspec-expectations (~> 2.12.0)
      rspec-mocks (~> 2.12.0)
    rspec-core (2.12.2)
    rspec-expectations (2.12.1)
      diff-lcs (~> 1.1.3)
    rspec-mocks (2.12.1)
    rspec-nc (0.0.4)
      rspec (~> 2.9)
      terminal-notifier (~> 1.4.2)
    sys-uname (0.9.1)
      ffi (>= 1.0.0)
    terminal-notifier (1.4.2)

PLATFORMS
  ruby

DEPENDENCIES
  autotest
  autotest-fsevent
  rake
  rspec
  rspec-nc
  terminal-notifier
